PATH
  remote: .
  specs:
    JSON RPC Ruby (0.0.1)
      thin

GEM
  remote: http://rubygems.org/
  specs:
    daemons (1.1.5)
    diff-lcs (1.1.3)
    eventmachine (0.12.10)
    rack (1.4.0)
    rake (0.9.2.2)
    rspec (2.8.0)
      rspec-core (~> 2.8.0)
      rspec-expectations (~> 2.8.0)
      rspec-mocks (~> 2.8.0)
    rspec-core (2.8.0)
    rspec-expectations (2.8.0)
      diff-lcs (~> 1.1.2)
    rspec-mocks (2.8.0)
    thin (1.3.1)
      daemons (>= 1.0.9)
      eventmachine (>= 0.12.6)
      rack (>= 1.0.0)
    yard (0.7.4)

PLATFORMS
  ruby

DEPENDENCIES
  JSON RPC Ruby!
  rake
  rspec
  yard
